RESTRICTION: == net461
NUGET
  remote: https://api.nuget.org/v3/index.json
    System.IO.Compression (4.3)
